GEM
  specs:
    columnize (0.3.6)
    diff-lcs (1.1.3)
    linecache (0.46)
      rbx-require-relative (> 0.0.4)
    rake (0.9.2.2)
    rbx-require-relative (0.0.9)
    rspec (2.9.0)
      rspec-core (~> 2.9.0)
      rspec-expectations (~> 2.9.0)
      rspec-mocks (~> 2.9.0)
    rspec-core (2.9.0)
    rspec-expectations (2.9.1)
      diff-lcs (~> 1.1.3)
    rspec-mocks (2.9.0)
    ruby-debug (0.10.4)
      columnize (>= 0.1)
      ruby-debug-base (~> 0.10.4.0)
    ruby-debug-base (0.10.4)
      linecache (>= 0.3)
    ruby-debug-ide (0.4.16)
      rake (>= 0.8.1)

PLATFORMS
  ruby

DEPENDENCIES
  rspec
  ruby-debug
  ruby-debug-base
  ruby-debug-ide
